GIT
  remote: git://github.com/daitss/datyl.git
  revision: 53f8c8142a0e2df2fa3a1df0095abb8646ab0483
  specs:
    datyl (0.1.2)

GEM
  remote: http://rubygems.org/
  specs:
    columnize (0.3.4)
    diff-lcs (1.1.3)
    haml (3.1.2)
    json (1.5.3)
    libxml-ruby (2.2.2)
    linecache (0.46)
      rbx-require-relative (> 0.0.4)
    log4r (1.1.9)
    rack (1.3.2)
    rack-test (0.6.1)
      rack (>= 1.0)
    rbx-require-relative (0.0.5)
    rspec (2.6.0)
      rspec-core (~> 2.6.0)
      rspec-expectations (~> 2.6.0)
      rspec-mocks (~> 2.6.0)
    rspec-core (2.6.4)
    rspec-expectations (2.6.0)
      diff-lcs (~> 1.1.2)
    rspec-mocks (2.6.0)
    ruby-debug (0.10.4)
      columnize (>= 0.1)
      ruby-debug-base (~> 0.10.4.0)
    ruby-debug-base (0.10.4)
      linecache (>= 0.3)
    sinatra (1.2.6)
      rack (~> 1.1)
      tilt (< 2.0, >= 1.2.2)
    tilt (1.3.3)

PLATFORMS
  ruby

DEPENDENCIES
  datyl!
  haml
  json
  libxml-ruby
  log4r
  rack-test
  rspec
  ruby-debug
  sinatra
