GEM
  remote: http://rubygems.org/
  specs:
    libxml-ruby (1.1.4)
    rack (1.2.1)
    rack-test (0.5.4)
      rack (>= 1.0)
    rspec (1.3.0)
    sinatra (1.0)
      rack (>= 1.0)

PLATFORMS
  ruby

DEPENDENCIES
  libxml-ruby (~> 1.1)
  rack-test (~> 0.5)
  rspec (~> 1.3)
  sinatra (~> 1.0)
