GEM
  remote: http://rubygems.org/
  specs:
    columnize (0.3.1)
    haml (3.0.21)
    json (1.4.6)
    libxml-ruby (1.1.4)
    linecache (0.43)
    rack (1.2.2)
    rack-test (0.5.6)
      rack (>= 1.0)
    rspec (1.3.1)
    ruby-debug (0.10.3)
      columnize (>= 0.1)
      ruby-debug-base (~> 0.10.3.0)
    ruby-debug-base (0.10.3)
      linecache (>= 0.3)
    sinatra (1.1.0)
      rack (~> 1.1)
      tilt (~> 1.1)
    tilt (1.1)

PLATFORMS
  ruby

DEPENDENCIES
  haml
  json
  libxml-ruby
  rack-test
  rspec
  ruby-debug
  sinatra (~> 1.0)
